GEM
  remote: https://rubygems.org/
  specs:
    power_assert (1.1.5)
    rake (13.0.1)
    test-unit (3.3.4)
      power_assert

PLATFORMS
  x64-mingw32

DEPENDENCIES
  rake
  test-unit

BUNDLED WITH
   2.0.2
